GEM
  remote: https://www.rubygems.org/
  specs:
    cadenza (0.8.0)
      multi_json (>= 1.3.0)
    coffee-script (2.2.0)
      coffee-script-source
      execjs
    coffee-script-source (1.4.0)
    execjs (1.4.0)
      multi_json (~> 1.0)
    multi_json (1.11.1)
    posix-spawn (0.3.6)
    pygments.rb (0.3.2)
      posix-spawn (~> 0.3.6)
      yajl-ruby (~> 1.1.0)
    rack (1.6.4)
    rack-protection (1.3.1)
      rack
    sass (3.2.3)
    sinatra (1.3.3)
      rack (~> 1.3, >= 1.3.6)
      rack-protection (~> 1.2)
      tilt (~> 1.3, >= 1.3.3)
    sprockets (3.2.0)
      rack (~> 1.0)
    tilt (1.4.1)
    yajl-ruby (1.1.0)

PLATFORMS
  ruby

DEPENDENCIES
  cadenza (= 0.8.0)
  coffee-script
  pygments.rb
  sass
  sinatra
  sprockets
  yajl-ruby
