GIT
  remote: git://github.com/whoward/cadenza.git
  revision: 2e050451644e1b977a766fba4e08bef7a9c8d1eb
  ref: 2e050451644e1b977a766fba4e08bef7a9c8d1eb
  specs:
    cadenza (0.8.0)
      multi_json (>= 1.3.0)

GEM
  remote: http://rubygems.org/
  specs:
    multi_json (1.5.0)
    posix-spawn (0.3.6)
    pygments.rb (0.3.2)
      posix-spawn (~> 0.3.6)
      yajl-ruby (~> 1.1.0)
    rack (1.4.1)
    rack-protection (1.3.1)
      rack
    sinatra (1.3.3)
      rack (~> 1.3, >= 1.3.6)
      rack-protection (~> 1.2)
      tilt (~> 1.3, >= 1.3.3)
    tilt (1.3.3)
    yajl-ruby (1.1.0)

PLATFORMS
  ruby

DEPENDENCIES
  cadenza!
  pygments.rb
  sinatra
  yajl-ruby
