GEM
  remote: https://www.rubygems.org/
  specs:
    cadenza (0.8.0)
      multi_json (>= 1.3.0)
    coffee-script (2.4.1)
      coffee-script-source
      execjs
    coffee-script-source (1.9.1.1)
    execjs (2.6.0)
    multi_json (1.11.2)
    posix-spawn (0.3.11)
    pygments.rb (0.6.3)
      posix-spawn (~> 0.3.6)
      yajl-ruby (~> 1.2.0)
    rack (1.6.4)
    rack-protection (1.5.3)
      rack
    sass (3.4.18)
    sinatra (1.4.6)
      rack (~> 1.4)
      rack-protection (~> 1.4)
      tilt (>= 1.3, < 3)
    sprockets (3.3.4)
      rack (~> 1.0)
    tilt (2.0.1)
    yajl-ruby (1.2.1)

PLATFORMS
  ruby

DEPENDENCIES
  cadenza (= 0.8.0)
  coffee-script
  pygments.rb
  sass
  sinatra
  sprockets
